PATH
  remote: .
  specs:
    kele (0.0.1)
      httparty (~> 0.13)
      json (~> 1.8)

GEM
  remote: https://rubygems.org/
  specs:
    coderay (1.1.2)
    httparty (0.15.6)
      multi_xml (>= 0.5.2)
    json (1.8.6)
    method_source (0.9.0)
    multi_xml (0.6.0)
    pry (0.11.3)
      coderay (~> 1.1.0)
      method_source (~> 0.9.0)

PLATFORMS
  ruby

DEPENDENCIES
  kele!
  pry

BUNDLED WITH
   1.16.0
